PATH
  remote: .
  specs:
    em-rocketio-client (0.0.1)
      em-cometio-client
      em-http-request
      em-websocketio-client
      event_emitter
      eventmachine

GEM
  remote: https://rubygems.org/
  specs:
    addressable (2.3.3)
    backports (3.1.1)
    cookiejar (0.3.0)
    daemons (1.1.9)
    em-cometio-client (0.0.5)
      em-http-request
      event_emitter (>= 0.2.0)
      eventmachine
      json
    em-http-request (1.0.3)
      addressable (>= 2.2.3)
      cookiejar
      em-socksify
      eventmachine (>= 1.0.0.beta.4)
      http_parser.rb (>= 0.5.3)
    em-socksify (0.2.1)
      eventmachine (>= 1.0.0.beta.4)
    em-websocket (0.5.0)
      eventmachine (>= 0.12.9)
      http_parser.rb (~> 0.5.3)
    em-websocket-client (0.1.1)
      eventmachine
      libwebsocket
    em-websocketio-client (0.0.2)
      em-websocket-client
      event_emitter
      eventmachine
      json
    event_emitter (0.2.4)
    eventmachine (1.0.3)
    http_parser.rb (0.5.3)
    httparty (0.10.2)
      multi_json (~> 1.0)
      multi_xml (>= 0.5.2)
    json (1.7.7)
    libwebsocket (0.1.7.1)
      addressable
      websocket
    minitest (4.7.0)
    multi_json (1.7.2)
    multi_xml (0.5.3)
    rack (1.5.2)
    rack-protection (1.5.0)
      rack
    rack-test (0.6.2)
      rack (>= 1.0)
    rake (10.0.3)
    sinatra (1.3.6)
      rack (~> 1.4)
      rack-protection (~> 1.3)
      tilt (~> 1.3, >= 1.3.3)
    sinatra-cometio (0.4.1)
      event_emitter (>= 0.2.4)
      eventmachine (>= 1.0.0)
      httparty (>= 0.10.2)
      json (>= 1.7.0)
      sinatra (>= 1.3.0)
      sinatra-contrib (>= 1.3.2)
    sinatra-contrib (1.3.2)
      backports (>= 2.0)
      eventmachine
      rack-protection
      rack-test
      sinatra (~> 1.3.0)
      tilt (~> 1.3)
    sinatra-rocketio (0.1.0)
      event_emitter (>= 0.2.4)
      eventmachine (>= 1.0.0)
      sinatra
      sinatra-cometio (>= 0.4.0)
      sinatra-websocketio (>= 0.2.0)
    sinatra-websocketio (0.2.0)
      em-websocket (>= 0.5.0)
      event_emitter (>= 0.2.4)
      eventmachine (>= 1.0.0)
      json (>= 1.7.0)
      sinatra (>= 1.3.0)
      sinatra-contrib (>= 1.3.2)
      websocket-client-simple
    thin (1.5.1)
      daemons (>= 1.0.9)
      eventmachine (>= 0.12.6)
      rack (>= 1.0.0)
    tilt (1.3.6)
    websocket (1.0.7)
    websocket-client-simple (0.0.5)
      event_emitter
      websocket

PLATFORMS
  ruby

DEPENDENCIES
  bundler (~> 1.3)
  em-rocketio-client!
  minitest
  rake
  sinatra-rocketio
  thin
